PATH
  remote: .
  specs:
    taps (0.3.15)
      json (~> 1.4.6)
      rack (>= 1.0.1)
      rest-client (>= 1.4.0, < 1.7.0)
      sequel (~> 3.17.0)
      sinatra (~> 1.0.0)
      sqlite3-ruby (~> 1.2)

GEM
  remote: http://rubygems.org/
  specs:
    bacon (1.1.0)
    daemons (1.1.0)
    eventmachine (0.12.10)
    extlib (0.9.15)
    json (1.4.6)
    mime-types (1.16)
    mocha (0.9.8)
      rake
    mysql (2.8.1)
    pg (0.9.0)
    rack (1.2.1)
    rack-test (0.5.7)
      rack (>= 1.0)
    rake (0.8.7)
    rcov (0.9.9)
    rest-client (1.6.1)
      mime-types (>= 1.16)
    sequel (3.17.0)
    sinatra (1.0)
      rack (>= 1.0)
    sqlite3-ruby (1.3.2)
    thin (1.2.7)
      daemons (>= 1.0.9)
      eventmachine (>= 0.12.6)
      rack (>= 1.0.0)

PLATFORMS
  ruby

DEPENDENCIES
  bacon
  extlib (= 0.9.15)
  json (~> 1.4.6)
  mocha
  mysql (= 2.8.1)
  pg (= 0.9.0)
  rack (>= 1.0.1)
  rack-test
  rake
  rcov
  rest-client (>= 1.4.0, < 1.7.0)
  sequel (~> 3.17.0)
  sinatra (~> 1.0.0)
  sqlite3-ruby (~> 1.2)
  taps!
  thin (> 1.2.0)
